GEM
  remote: https://rubygems.org/
  specs:
    mini_magick (3.6.0)
      subexec (~> 0.2.1)
    newrelic_rpm (3.6.6.147)
    rack (1.5.2)
    rack-protection (1.5.0)
      rack
    sinatra (1.4.3)
      rack (~> 1.4)
      rack-protection (~> 1.4)
      tilt (~> 1.3, >= 1.3.4)
    subexec (0.2.3)
    tilt (1.4.1)

PLATFORMS
  ruby

DEPENDENCIES
  mini_magick
  newrelic_rpm
  sinatra
